GEM
  remote: http://rubygems.org/
  specs:
    assistance (0.1.5)
    diff-lcs (1.2.1)
    hiredis (0.4.5)
    json (1.7.5)
    metaid (1.0)
    rake (10.0.3)
    rdoc (4.0.0)
      json (~> 1.4)
    redis (3.0.3)
    rspec (2.13.0)
      rspec-core (~> 2.13.0)
      rspec-expectations (~> 2.13.0)
      rspec-mocks (~> 2.13.0)
    rspec-core (2.13.0)
    rspec-expectations (2.13.0)
      diff-lcs (>= 1.1.3, < 2.0)
    rspec-mocks (2.13.0)

PLATFORMS
  ruby

DEPENDENCIES
  assistance (= 0.1.5)
  hiredis (= 0.4.5)
  metaid (= 1.0)
  rake (~> 10.0.3)
  rdoc (~> 4.0.0)
  redis (= 3.0.3)
  rspec (= 2.13.0)
