GEM
  remote: http://rubygems.org/
  specs:
    diff-lcs (1.2.1)
    hiredis (0.4.5)
    rake (10.0.3)
    redis (3.0.3)
    rspec (2.13.0)
      rspec-core (~> 2.13.0)
      rspec-expectations (~> 2.13.0)
      rspec-mocks (~> 2.13.0)
    rspec-core (2.13.0)
    rspec-expectations (2.13.0)
      diff-lcs (>= 1.1.3, < 2.0)
    rspec-mocks (2.13.0)

PLATFORMS
  ruby

DEPENDENCIES
  hiredis (= 0.4.5)
  rake (~> 10.0.3)
  redis (= 3.0.3)
  rspec (= 2.13.0)
